GEM
  remote: https://rubygems.org/
  specs:
    align (0.0.2)
    ast (2.4.0)
    coffee-script (2.2.0)
      coffee-script-source
      execjs
    coffee-script-source (1.6.3)
    coveralls (0.7.0)
      multi_json (~> 1.3)
      rest-client
      simplecov (>= 0.7)
      term-ansicolor
      thor
    docile (1.1.3)
    execjs (1.4.0)
      multi_json (~> 1.0)
    ffi (1.9.0)
    haml (4.0.6)
      tilt
    listen (1.2.2)
      rb-fsevent (>= 0.9.3)
      rb-inotify (>= 0.9)
      rb-kqueue (>= 0.2)
    mime-types (2.1)
    minitest (5.7.0)
    minitest-profile (0.0.2)
    multi_json (1.7.7)
    parser (2.6.5.0)
      ast (~> 2.4.0)
    power_assert (0.2.3)
    powerpack (0.1.2)
    rack (1.5.2)
    rack-protection (1.5.0)
      rack
    rack-test (0.6.2)
      rack (>= 1.0)
    rainbow (2.2.2)
      rake
    rake (10.1.0)
    rb-fsevent (0.9.3)
    rb-inotify (0.9.0)
      ffi (>= 0.5.0)
    rb-kqueue (0.2.0)
      ffi (>= 0.5.0)
    redcarpet (2.3.0)
    rerun (0.8.1)
      listen (>= 1.0.3)
    rest-client (1.6.7)
      mime-types (>= 1.16)
    rubocop (0.48.1)
      parser (>= 2.3.3.1, < 3.0)
      powerpack (~> 0.1)
      rainbow (>= 1.99.1, < 3.0)
      ruby-progressbar (~> 1.7)
      unicode-display_width (~> 1.0, >= 1.0.1)
    ruby-prof (0.13.0)
    ruby-progressbar (1.10.1)
    simplecov (0.8.2)
      docile (~> 1.1.0)
      multi_json
      simplecov-html (~> 0.8.0)
    simplecov-html (0.8.0)
    sinatra (1.4.3)
      rack (~> 1.4)
      rack-protection (~> 1.4)
      tilt (~> 1.3, >= 1.3.4)
    term-ansicolor (1.3.0)
      tins (~> 1.0)
    test-unit (3.1.2)
      power_assert
    thor (0.18.1)
    tilt (1.4.1)
    tins (1.0.0)
    unicode-display_width (1.6.0)

PLATFORMS
  ruby
  x86_64-darwin-17

DEPENDENCIES
  align
  coffee-script
  coveralls
  haml
  minitest
  minitest-profile
  rack-test
  rake
  redcarpet
  rerun
  rubocop
  ruby-prof
  sinatra
  test-unit

BUNDLED WITH
   1.17.2
